GEM
  remote: https://rubygems.org/
  specs:
    CFPropertyList (3.0.3)
    addressable (2.7.0)
      public_suffix (>= 2.0.2, < 5.0)
    atomos (0.1.3)
    claide (1.0.3)
    claide-plugins (0.9.2)
      cork
      nap
      open4 (~> 1.3)
    colored2 (3.1.2)
    cork (0.3.0)
      colored2 (~> 3.1)
    danger (6.3.2)
      claide (~> 1.0)
      claide-plugins (>= 0.9.2)
      colored2 (~> 3.1)
      cork (~> 0.1)
      faraday (~> 0.9)
      faraday-http-cache (~> 2.0)
      git (~> 1.6)
      kramdown (~> 2.0)
      kramdown-parser-gfm (~> 1.0)
      no_proxy_fix
      octokit (~> 4.7)
      terminal-table (~> 1)
    danger-ios_logs (0.1.2)
      danger-plugin-api (~> 1.0)
      git_diff_parser (~> 2.3)
    danger-plugin-api (1.0.0)
      danger (> 2.0)
    danger-swiftformat (0.8.1)
      danger-plugin-api (~> 1.0)
    danger-swiftlint (0.26.0)
      danger
      rake (> 10)
      thor (~> 0.19)
    danger-xcode_summary (0.5.3)
      danger-plugin-api (~> 1.0)
    faraday (0.17.4)
      multipart-post (>= 1.2, < 3)
    faraday-http-cache (2.2.0)
      faraday (>= 0.8)
    git (1.8.1)
      rchardet (~> 1.8)
    git_diff_parser (2.3.0)
    kramdown (2.3.1)
      rexml
    kramdown-parser-gfm (1.1.0)
      kramdown (~> 2.0)
    multipart-post (2.1.1)
    nanaimo (0.3.0)
    nap (1.1.0)
    no_proxy_fix (0.1.2)
    octokit (4.21.0)
      faraday (>= 0.9)
      sawyer (~> 0.8.0, >= 0.5.3)
    open4 (1.3.4)
    public_suffix (4.0.6)
    rake (13.0.3)
    rchardet (1.8.0)
    rexml (3.2.5)
    rouge (2.0.7)
    sawyer (0.8.2)
      addressable (>= 2.3.5)
      faraday (> 0.8, < 2.0)
    terminal-table (1.8.0)
      unicode-display_width (~> 1.1, >= 1.1.1)
    thor (0.20.3)
    unicode-display_width (1.7.0)
    xcodeproj (1.19.0)
      CFPropertyList (>= 2.3.3, < 4.0)
      atomos (~> 0.1.3)
      claide (>= 1.0.2, < 2.0)
      colored2 (~> 3.1)
      nanaimo (~> 0.3.0)
    xcpretty (0.3.0)
      rouge (~> 2.0.7)
    xcpretty-json-formatter (0.1.1)
      xcpretty (~> 0.2, >= 0.0.7)

PLATFORMS
  arm64-darwin-20

DEPENDENCIES
  danger (= 6.3.2)
  danger-ios_logs
  danger-swiftformat
  danger-swiftlint
  danger-xcode_summary
  xcodeproj
  xcpretty
  xcpretty-json-formatter

BUNDLED WITH
   2.2.19
